GEM
  remote: https://rubygems.org/
  specs:
    activesupport (5.0.0.1)
      concurrent-ruby (~> 1.0, >= 1.0.2)
      i18n (~> 0.7)
      minitest (~> 5.1)
      tzinfo (~> 1.1)
    aws-sdk (2.6.3)
      aws-sdk-resources (= 2.6.3)
    aws-sdk-core (2.6.3)
      jmespath (~> 1.0)
    aws-sdk-resources (2.6.3)
      aws-sdk-core (= 2.6.3)
    concurrent-ruby (1.0.2)
    hashie (3.4.6)
    i18n (0.7.0)
    jmespath (1.3.1)
    json (2.0.2)
    minitest (5.9.0)
    momo (0.3.4)
      activesupport
      aws-sdk-core
      json
      trollop
    rack (1.6.4)
    rack-protection (1.5.3)
      rack
    rubyzip (1.2.0)
    s3cabinet (0.1.0)
      aws-sdk-core
      json
    sinatra (1.4.7)
      rack (~> 1.5)
      rack-protection (~> 1.4)
      tilt (>= 1.3, < 3)
    sumomo (0.3.0)
      activesupport
      aws-sdk
      hashie
      momo (= 0.3.4)
      rubyzip
      s3cabinet
      trollop
    thread_safe (0.3.5)
    tilt (2.0.5)
    trollop (2.1.2)
    tzinfo (1.2.2)
      thread_safe (~> 0.1)
    weaver (0.4.1)
      activesupport
      sinatra
      trollop

PLATFORMS
  ruby

DEPENDENCIES
  sumomo
  weaver (= 0.4.1)

BUNDLED WITH
   1.12.5
